GEM
  remote: http://rubygems.org/
  specs:
    rack (2.2.3)
    roda (3.1.0)
      rack

PLATFORMS
  ruby

DEPENDENCIES
  roda

BUNDLED WITH
   1.15.4
